PATH
  remote: ./redd/
  specs:
    redd (0.6.4)
      faraday (~> 0.9.0)
      faraday_middleware (~> 0.9.1)
      memoizable
      multi_json (~> 1.10)

GEM
  remote: https://rubygems.org/
  specs:
    cinch (2.1.0)
    cinch-identify (1.6.0)
      cinch (~> 2.0)
    faraday (0.9.0)
      multipart-post (>= 1.2, < 3)
    faraday_middleware (0.9.1)
      faraday (>= 0.7.4, < 0.10)
    httparty (0.13.3)
      json (~> 1.8)
      multi_xml (>= 0.5.2)
    imgur-api (0.0.4)
      httparty
    json (1.8.1)
    kramdown (1.5.0)
    memoizable (0.4.2)
      thread_safe (~> 0.3, >= 0.3.1)
    multi_json (1.10.1)
    multi_xml (0.5.5)
    multipart-post (2.0.0)
    thread_safe (0.3.4)

PLATFORMS
  ruby
  x64-mingw32

DEPENDENCIES
  cinch
  cinch-identify
  imgur-api
  kramdown
  redd (= 0.6.4)!
