PATH
  remote: ./imgur/
  specs:
    imgur-api (0.0.4)
      httparty

PATH
  remote: ./redd/
  specs:
    redd (0.6.4)
      faraday (~> 0.9.0)
      faraday_middleware (~> 0.9.1)
      memoizable
      multi_json (~> 1.10)

GEM
  remote: https://rubygems.org/
  specs:
    activesupport (4.2.1)
      i18n (~> 0.7)
      json (~> 1.7, >= 1.7.7)
      minitest (~> 5.1)
      thread_safe (~> 0.3, >= 0.3.4)
      tzinfo (~> 1.1)
    andand (1.3.3)
    cinch (2.2.5)
    cinch-identify (1.7.0)
      cinch (~> 2.0)
    commonjs (0.2.7)
    faraday (0.9.1)
      multipart-post (>= 1.2, < 3)
    faraday_middleware (0.9.1)
      faraday (>= 0.7.4, < 0.10)
    filewatcher (0.4.0)
      trollop (~> 2.0)
    htmlentities (4.3.3)
    httparty (0.13.3)
      json (~> 1.8)
      multi_xml (>= 0.5.2)
    i18n (0.7.0)
    json (1.8.2)
    kramdown (1.7.0)
    less (2.6.0)
      commonjs (~> 0.2.7)
    libv8 (3.16.14.7)
    liquid (3.0.2)
    memoizable (0.4.2)
      thread_safe (~> 0.3, >= 0.3.1)
    minitest (5.6.1)
    multi_json (1.11.0)
    multi_xml (0.5.5)
    multipart-post (2.0.0)
    pqueue (2.1.0)
    ref (1.0.5)
    rmagick (2.13.4)
    sqlite3 (1.3.10)
    sqlite3-ruby (1.3.3)
      sqlite3 (>= 1.3.3)
    therubyracer (0.12.2)
      libv8 (~> 3.16.14.0)
      ref
    thread_safe (0.3.5)
    trollop (2.1.2)
    tzinfo (1.2.2)
      thread_safe (~> 0.1)

PLATFORMS
  ruby

DEPENDENCIES
  activesupport
  andand
  cinch
  cinch-identify
  filewatcher
  htmlentities (~> 4.3.2)
  imgur-api (= 0.0.4)!
  kramdown
  less (~> 2.6.0)
  liquid
  minitest
  pqueue
  redd (= 0.6.4)!
  rmagick (= 2.13.4)
  sqlite3-ruby
  therubyracer
